GEM
  remote: https://rubygems.org/
  specs:
    childprocess (3.0.0)
    colorize (0.8.1)
    highline (2.0.3)
    mini_portile2 (2.5.1)
    nokogiri (1.11.4)
      mini_portile2 (~> 2.5.0)
      racc (~> 1.4)
    options (2.3.2)
    progress_bar (1.3.1)
      highline (>= 1.6, < 3)
      options (~> 2.3.0)
    racc (1.5.2)
    regexp_parser (1.7.0)
    rounding (1.0.1)
    rubyzip (2.3.0)
    selenium-webdriver (3.142.7)
      childprocess (>= 0.5, < 4.0)
      rubyzip (>= 1.2.2)
    watir (6.16.5)
      regexp_parser (~> 1.2)
      selenium-webdriver (~> 3.6)

PLATFORMS
  ruby

DEPENDENCIES
  colorize
  nokogiri
  progress_bar
  rounding
  watir

BUNDLED WITH
   1.17.2
